GEM
  remote: https://rubygems.org/
  specs:
    activemodel (4.2.3)
      activesupport (= 4.2.3)
      builder (~> 3.1)
    activesupport (4.2.3)
      i18n (~> 0.7)
      json (~> 1.7, >= 1.7.7)
      minitest (~> 5.1)
      thread_safe (~> 0.3, >= 0.3.4)
      tzinfo (~> 1.1)
    ansi (1.5.0)
    awesome_print (1.6.1)
    aws-sdk (2.0.48)
      aws-sdk-resources (= 2.0.48)
    aws-sdk-core (2.0.48)
      builder (~> 3.0)
      jmespath (~> 1.0)
      multi_json (~> 1.0)
    aws-sdk-resources (2.0.48)
      aws-sdk-core (= 2.0.48)
    blankslate (3.1.3)
    bugsnag (2.8.9)
      json (~> 1.7, >= 1.7.7)
    builder (3.2.2)
    carrierwave (0.10.0)
      activemodel (>= 3.2.0)
      activesupport (>= 3.2.0)
      json (>= 1.7)
      mime-types (>= 1.16)
    carrierwave-aws (0.6.0)
      aws-sdk (~> 2.0.47)
      carrierwave (~> 0.7)
    carrierwave-sequel (0.1.0)
      carrierwave
      sequel
    daemons (1.2.3)
    dotenv (2.0.2)
    errol (0.0.1)
      sequel (~> 4.19)
    eventmachine (1.0.7)
    i18n (0.7.0)
    jmespath (1.0.2)
      multi_json (~> 1.0)
    json (1.8.3)
    mail (2.6.3)
      mime-types (>= 1.16, < 3)
    mime-types (2.6.1)
    mini_magick (4.2.7)
    minitest (5.7.0)
    minitest-reporters (1.0.17)
      ansi
      builder
      minitest (>= 5.0)
      ruby-progressbar
    money (6.5.1)
      i18n (>= 0.6.4, <= 0.7.0)
    multi_json (1.11.1)
    parslet (1.7.0)
      blankslate (>= 2.0, <= 4.0)
    pg (0.18.2)
    rack (1.6.4)
    rack-accept (0.4.5)
      rack (>= 0.4)
    rack-test (0.6.3)
      rack (>= 1.0)
    redcarpet (3.3.2)
    ruby-progressbar (1.7.5)
    sass (3.4.15)
    scorched (0.24)
      rack (~> 1.4)
      rack-accept (~> 0.4)
      scorched-accept (~> 0.1)
      tilt (~> 1.4)
    scorched-accept (0.1)
      parslet (~> 1.7)
    sequel (4.24.0)
    shotgun (0.9.1)
      rack (>= 1.0)
    thin (1.6.3)
      daemons (~> 1.0, >= 1.0.9)
      eventmachine (~> 1.0)
      rack (~> 1.0)
    thread_safe (0.3.5)
    tilt (1.4.1)
    tzinfo (1.2.2)
      thread_safe (~> 0.1)
    vulcanize (0.1.0)

PLATFORMS
  ruby

DEPENDENCIES
  awesome_print
  bugsnag
  carrierwave
  carrierwave-aws
  carrierwave-sequel
  dotenv
  errol (~> 0.0.1)
  mail
  mini_magick
  minitest
  minitest-reporters
  money
  pg
  rack-test
  redcarpet
  sass
  scorched
  sequel
  shotgun
  thin
  vulcanize (~> 0.1.0)
