GEM
  remote: https://rubygems.org/
  specs:
    activemodel (4.2.6)
      activesupport (= 4.2.6)
      builder (~> 3.1)
    activesupport (4.2.6)
      i18n (~> 0.7)
      json (~> 1.7, >= 1.7.7)
      minitest (~> 5.1)
      thread_safe (~> 0.3, >= 0.3.4)
      tzinfo (~> 1.1)
    ansi (1.5.0)
    awesome_print (1.6.1)
    aws-sdk (2.3.4)
      aws-sdk-resources (= 2.3.4)
    aws-sdk-core (2.3.4)
      jmespath (~> 1.0)
    aws-sdk-resources (2.3.4)
      aws-sdk-core (= 2.3.4)
    blankslate (3.1.3)
    bugsnag (2.8.9)
      json (~> 1.7, >= 1.7.7)
    builder (3.2.2)
    carrierwave (0.11.2)
      activemodel (>= 3.2.0)
      activesupport (>= 3.2.0)
      json (>= 1.7)
      mime-types (>= 1.16)
      mimemagic (>= 0.3.0)
    carrierwave-aws (1.0.1)
      aws-sdk (~> 2.0)
      carrierwave (~> 0.7)
    carrierwave-sequel (0.1.1)
      carrierwave
      sequel
    daemons (1.2.3)
    dotenv (2.1.1)
    errol (0.0.1)
      sequel (~> 4.19)
    eventmachine (1.2.0.1)
    i18n (0.7.0)
    jmespath (1.2.4)
      json_pure (>= 1.8.1)
    json (1.8.3)
    json_pure (1.8.3)
    mail (2.6.4)
      mime-types (>= 1.16, < 4)
    mime-types (3.0)
      mime-types-data (~> 3.2015)
    mime-types-data (3.2016.0221)
    mimemagic (0.3.1)
    mini_magick (4.5.1)
    minitest (5.8.4)
    minitest-reporters (1.1.9)
      ansi
      builder
      minitest (>= 5.0)
      ruby-progressbar
    money (6.5.1)
      i18n (>= 0.6.4, <= 0.7.0)
    parslet (1.7.1)
      blankslate (>= 2.0, <= 4.0)
    pg (0.18.2)
    rack (1.6.4)
    rack-accept (0.4.5)
      rack (>= 0.4)
    rack-test (0.6.3)
      rack (>= 1.0)
    redcarpet (3.3.4)
    ruby-progressbar (1.8.1)
    sass (3.4.22)
    scorched (0.25)
      rack (~> 1.4)
      rack-accept (~> 0.4)
      scorched-accept (~> 0.1)
      tilt (~> 1.4)
    scorched-accept (0.1)
      parslet (~> 1.7)
    sequel (4.34.0)
    shotgun (0.9.1)
      rack (>= 1.0)
    thin (1.6.4)
      daemons (~> 1.0, >= 1.0.9)
      eventmachine (~> 1.0, >= 1.0.4)
      rack (~> 1.0)
    thread_safe (0.3.5)
    tilt (1.4.1)
    tzinfo (1.2.2)
      thread_safe (~> 0.1)
    vulcanize (0.1.0)

PLATFORMS
  ruby

DEPENDENCIES
  awesome_print
  bugsnag
  carrierwave
  carrierwave-aws
  carrierwave-sequel
  dotenv
  errol (~> 0.0.1)
  mail
  mini_magick
  minitest
  minitest-reporters
  money
  pg
  rack-test
  redcarpet
  sass
  scorched
  sequel
  shotgun
  thin
  vulcanize (~> 0.1.0)

BUNDLED WITH
   1.10.6
