GIT
  remote: git@github.com:CrowdHailer/Errol.git
  revision: 80b5850ff9e6a51a68dbd89f274b13d0d481c17d
  specs:
    errol (0.0.1)
      sequel (~> 4.19)

GIT
  remote: git@github.com:CrowdHailer/vulcanize.git
  revision: 8fb85277ef388273693701b7c47d32d60d5b3240
  specs:
    vulcanize (0.1.0)

GEM
  remote: https://rubygems.org/
  specs:
    activemodel (4.2.0)
      activesupport (= 4.2.0)
      builder (~> 3.1)
    activesupport (4.2.0)
      i18n (~> 0.7)
      json (~> 1.7, >= 1.7.7)
      minitest (~> 5.1)
      thread_safe (~> 0.3, >= 0.3.4)
      tzinfo (~> 1.1)
    ansi (1.5.0)
    awesome_print (1.6.1)
    aws-sdk (1.61.0)
      aws-sdk-v1 (= 1.61.0)
    aws-sdk-v1 (1.61.0)
      json (~> 1.4)
      nokogiri (>= 1.4.4)
    blankslate (3.1.3)
    bugsnag (2.8.8)
      multi_json (~> 1.0)
    builder (3.2.2)
    carrierwave (0.10.0)
      activemodel (>= 3.2.0)
      activesupport (>= 3.2.0)
      json (>= 1.7)
      mime-types (>= 1.16)
    carrierwave-aws (0.5.0)
      aws-sdk (~> 1.58)
      carrierwave (~> 0.7)
    carrierwave-sequel (0.1.0)
      carrierwave
      sequel
    daemons (1.2.3)
    dotenv (2.0.2)
    eventmachine (1.0.7)
    i18n (0.7.0)
    json (1.8.2)
    mime-types (2.6.1)
    mini_portile (0.6.2)
    minitest (5.7.0)
    minitest-reporters (1.0.17)
      ansi
      builder
      minitest (>= 5.0)
      ruby-progressbar
    money (6.5.1)
      i18n (>= 0.6.4, <= 0.7.0)
    multi_json (1.11.1)
    nokogiri (1.6.6.2)
      mini_portile (~> 0.6.0)
    parslet (1.7.0)
      blankslate (>= 2.0, <= 4.0)
    pg (0.18.2)
    rack (1.6.4)
    rack-accept (0.4.5)
      rack (>= 0.4)
    rack-test (0.6.3)
      rack (>= 1.0)
    redcarpet (3.3.1)
    ruby-progressbar (1.7.5)
    sass (3.4.15)
    scorched (0.24)
      rack (~> 1.4)
      rack-accept (~> 0.4)
      scorched-accept (~> 0.1)
      tilt (~> 1.4)
    scorched-accept (0.1)
      parslet (~> 1.7)
    sequel (4.23.0)
    shotgun (0.9.1)
      rack (>= 1.0)
    thin (1.6.3)
      daemons (~> 1.0, >= 1.0.9)
      eventmachine (~> 1.0)
      rack (~> 1.0)
    thread_safe (0.3.5)
    tilt (1.4.1)
    tzinfo (1.2.2)
      thread_safe (~> 0.1)

PLATFORMS
  ruby

DEPENDENCIES
  awesome_print
  bugsnag
  carrierwave
  carrierwave-aws
  carrierwave-sequel
  dotenv
  errol!
  minitest
  minitest-reporters
  money
  pg
  rack-test
  redcarpet
  sass
  scorched
  sequel
  shotgun
  thin
  vulcanize!
