GEM
  remote: https://rubygems.org/
  specs:
    ansi (1.5.0)
    awesome_print (1.6.1)
    blankslate (3.1.3)
    bugsnag (2.8.8)
      multi_json (~> 1.0)
    builder (3.2.2)
    daemons (1.2.3)
    dotenv (2.0.2)
    eventmachine (1.0.7)
    minitest (5.7.0)
    minitest-reporters (1.0.17)
      ansi
      builder
      minitest (>= 5.0)
      ruby-progressbar
    multi_json (1.11.1)
    parslet (1.7.0)
      blankslate (>= 2.0, <= 4.0)
    rack (1.6.4)
    rack-accept (0.4.5)
      rack (>= 0.4)
    rack-test (0.6.3)
      rack (>= 1.0)
    ruby-progressbar (1.7.5)
    sass (3.4.15)
    scorched (0.24)
      rack (~> 1.4)
      rack-accept (~> 0.4)
      scorched-accept (~> 0.1)
      tilt (~> 1.4)
    scorched-accept (0.1)
      parslet (~> 1.7)
    shotgun (0.9.1)
      rack (>= 1.0)
    thin (1.6.3)
      daemons (~> 1.0, >= 1.0.9)
      eventmachine (~> 1.0)
      rack (~> 1.0)
    tilt (1.4.1)

PLATFORMS
  ruby

DEPENDENCIES
  awesome_print
  bugsnag
  dotenv
  minitest
  minitest-reporters
  rack-test
  sass
  scorched
  shotgun
  thin
